PATH
  remote: .
  specs:
    simplecov-single_file_reporter (0.0.0)

GEM
  remote: http://rubygems.org/
  specs:
    bump (0.3.8)
    diff-lcs (1.1.3)
    rake (0.9.2)
    rspec (2.6.0)
      rspec-core (~> 2.6.0)
      rspec-expectations (~> 2.6.0)
      rspec-mocks (~> 2.6.0)
    rspec-core (2.6.4)
    rspec-expectations (2.6.0)
      diff-lcs (~> 1.1.2)
    rspec-mocks (2.6.0)

PLATFORMS
  ruby

DEPENDENCIES
  bump
  rake
  rspec (~> 2)
  simplecov-single_file_reporter!
