GIT
  remote: git://github.com/grosser/bump.git
  revision: fc5cc418963e0a1257bb6d12dd44382abea05dd7
  branch: anylib
  specs:
    bump (0.3.8)

PATH
  remote: .
  specs:
    simplecov-single_file_reporter (0.0.2)
      simplecov

GEM
  remote: http://rubygems.org/
  specs:
    diff-lcs (1.1.3)
    minitest (4.2.0)
    multi_json (1.5.0)
    rake (0.9.2)
    rspec (2.6.0)
      rspec-core (~> 2.6.0)
      rspec-expectations (~> 2.6.0)
      rspec-mocks (~> 2.6.0)
    rspec-core (2.6.4)
    rspec-expectations (2.6.0)
      diff-lcs (~> 1.1.2)
    rspec-mocks (2.6.0)
    simplecov (0.7.1)
      multi_json (~> 1.0)
      simplecov-html (~> 0.7.1)
    simplecov-html (0.7.1)
    test-unit (2.5.3)

PLATFORMS
  ruby

DEPENDENCIES
  bump!
  minitest
  rake
  rspec (~> 2)
  simplecov-single_file_reporter!
  test-unit
